RESTRICTION: || (== netcoreapp2.0) (== netstandard2.0)
NUGET
  remote: https://www.nuget.org/api/v2
    FSharp.Core (4.3.4)
    FsUnit.xUnit (3.1)
      FSharp.Core (>= 4.2.3)
      NETStandard.Library (>= 2.0.1)
      NHamcrest (>= 2.0.1 < 2.1)
      xunit (>= 2.3.1 < 2.4)
    Microsoft.NETCore.Platforms (2.0.1)
    NETStandard.Library (2.0.1)
      Microsoft.NETCore.Platforms (>= 1.1)
    NHamcrest (2.0.1)
      NETStandard.Library (>= 1.6.1)
    xunit (2.3.1)
      xunit.analyzers (>= 0.7)
      xunit.assert (2.3.1)
      xunit.core (2.3.1)
    xunit.abstractions (2.0.1)
      NETStandard.Library (>= 1.6)
    xunit.analyzers (0.8)
    xunit.assert (2.3.1)
      NETStandard.Library (>= 1.6.1)
    xunit.core (2.3.1)
      xunit.extensibility.core (2.3.1)
      xunit.extensibility.execution (2.3.1)
    xunit.extensibility.core (2.3.1)
      NETStandard.Library (>= 1.6.1)
      xunit.abstractions (>= 2.0.1)
    xunit.extensibility.execution (2.3.1)
      NETStandard.Library (>= 1.6.1)
      xunit.extensibility.core (2.3.1)
