RESTRICTION: || (== net8.0) (== netstandard2.0)
NUGET
  remote: https://www.nuget.org/api/v2
    FSharp.Core (8.0.100) - content: none
    FsUnit.xUnit (5.4)
      FSharp.Core (>= 5.0.2)
      NHamcrest (>= 3.3 < 4.0)
      xunit (>= 2.5 < 3.0)
    Microsoft.CodeCoverage (17.8) - restriction: || (== net8.0) (&& (== netstandard2.0) (>= net45)) (&& (== netstandard2.0) (>= netcoreapp1.0))
    Microsoft.NET.Test.Sdk (17.0.2)
      Microsoft.CodeCoverage (>= 17.0.2) - restriction: || (== net8.0) (&& (== netstandard2.0) (>= net45)) (&& (== netstandard2.0) (>= netcoreapp1.0))
      Microsoft.TestPlatform.TestHost (>= 17.0.2) - restriction: || (== net8.0) (&& (== netstandard2.0) (>= netcoreapp1.0))
    Microsoft.NETCore.Platforms (7.0.4) - restriction: || (&& (== net8.0) (>= net461)) (&& (== net8.0) (< net6.0)) (&& (== net8.0) (< netstandard1.0)) (&& (== net8.0) (< netstandard1.2)) (&& (== net8.0) (< netstandard1.3)) (&& (== net8.0) (< netstandard1.4)) (&& (== net8.0) (< netstandard1.5)) (&& (== net8.0) (< netstandard1.6)) (&& (== net8.0) (< netstandard2.0)) (&& (== net8.0) (< portable-net45+win8+wpa81)) (&& (== net8.0) (>= uap10.1)) (&& (== net8.0) (>= wp8)) (== netstandard2.0)
    Microsoft.TestPlatform.ObjectModel (17.8) - restriction: || (== net8.0) (&& (== netstandard2.0) (>= netcoreapp3.1))
      NuGet.Frameworks (>= 6.5)
      System.Reflection.Metadata (>= 1.6)
    Microsoft.TestPlatform.TestHost (17.8) - restriction: || (== net8.0) (&& (== netstandard2.0) (>= netcoreapp1.0))
      Microsoft.TestPlatform.ObjectModel (>= 17.8) - restriction: || (== net8.0) (&& (== netstandard2.0) (>= netcoreapp3.1))
      Newtonsoft.Json (>= 13.0.1) - restriction: || (== net8.0) (&& (== netstandard2.0) (>= netcoreapp3.1))
    NETStandard.Library (2.0.3)
      Microsoft.NETCore.Platforms (>= 1.1)
    Newtonsoft.Json (13.0.3) - restriction: || (== net8.0) (&& (== netstandard2.0) (>= netcoreapp3.1))
    NHamcrest (3.4)
    NuGet.Frameworks (6.8) - restriction: || (== net8.0) (&& (== netstandard2.0) (>= netcoreapp3.1))
    System.Collections.Immutable (8.0) - restriction: || (== net8.0) (&& (== netstandard2.0) (>= netcoreapp3.1))
    System.Reflection.Metadata (8.0) - restriction: || (== net8.0) (&& (== netstandard2.0) (>= netcoreapp3.1))
      System.Collections.Immutable (>= 8.0)
    xunit (2.6.2)
      xunit.analyzers (>= 1.6)
      xunit.assert (>= 2.6.2)
      xunit.core (2.6.2)
    xunit.abstractions (2.0.3)
    xunit.analyzers (1.6)
    xunit.assert (2.6.2)
      NETStandard.Library (>= 1.6.1) - restriction: || (&& (== net8.0) (< net6.0)) (== netstandard2.0)
    xunit.core (2.6.2)
      xunit.extensibility.core (2.6.2)
      xunit.extensibility.execution (2.6.2)
    xunit.extensibility.core (2.6.2)
      NETStandard.Library (>= 1.6.1)
      xunit.abstractions (>= 2.0.3)
    xunit.extensibility.execution (2.6.2)
      NETStandard.Library (>= 1.6.1)
      xunit.extensibility.core (2.6.2)
    xunit.runner.visualstudio (2.4.5)
